GEM
  remote: https://rubygems.org/
  specs:
    binding_of_caller (0.8.0)
      debug_inspector (>= 0.0.1)
    byebug (10.0.2)
    coderay (1.1.2)
    debug_inspector (0.0.3)
    interception (0.5)
    levenshtein (0.2.2)
    method_source (0.9.2)
    pry (0.12.2)
      coderay (~> 1.1.0)
      method_source (~> 0.9.0)
    pry-byebug (3.6.0)
      byebug (~> 10.0)
      pry (~> 0.10)
    pry-rescue (1.5.0)
      interception (>= 0.5)
      pry (>= 0.12.0)
    pry-stack_explorer (0.4.9.3)
      binding_of_caller (>= 0.7)
      pry (>= 0.9.11)
    rake (12.3.3)

PLATFORMS
  ruby

DEPENDENCIES
  levenshtein
  pry-byebug
  pry-rescue
  pry-stack_explorer
  rake

BUNDLED WITH
   1.17.1
